STORAGE: NONE
RESTRICTION: == netcoreapp3.1
NUGET
  remote: https://api.nuget.org/v3/index.json
    Aardvark.Application (5.1.11)
      Aardvark.Base.Essentials (>= 5.1.9 < 5.2)
      Aardvark.Base.Incremental (>= 5.1.9 < 5.2)
      Aardvark.Rendering (5.1.11)
      FShade.Core (>= 5.1.8 < 5.2)
      FShade.GLSL (>= 5.1.8)
      FSharp.Core (>= 4.7)
    Aardvark.Application.Slim (5.1.11)
      Aardvark.Application (5.1.11)
      Aardvark.Base.Essentials (>= 5.1.9 < 5.2)
      Aardvark.Base.Incremental (>= 5.1.9 < 5.2)
      Aardvark.Base.Runtime (>= 5.1.9 < 5.2)
      Aardvark.Rendering (5.1.11)
      FShade (>= 5.1.8 < 5.2)
      FSharp.Core (>= 4.7)
      Unofficial.OpenTK (>= 3.0.19 < 3.1)
    Aardvark.Application.Slim.GL (5.1.11)
      Aardvark.Application (5.1.11)
      Aardvark.Base.Essentials (>= 5.1.9 < 5.2)
      Aardvark.Base.Incremental (>= 5.1.9 < 5.2)
      Aardvark.Base.Runtime (>= 5.1.9 < 5.2)
      Aardvark.Base.Tensors (>= 5.1.9 < 5.2)
      Aardvark.Rendering (5.1.11)
      Aardvark.Rendering.GL (5.1.11)
      FShade (>= 5.1.8 < 5.2)
      FSharp.Core (>= 4.7)
      Silk.NET.Core (1.7)
      Silk.NET.GLFW (1.7)
      Unofficial.OpenTK (>= 3.0.19 < 3.1)
    Aardvark.Base (5.1.9)
      Aardvark.Base.Telemetry (5.1.9)
      System.Collections.Immutable (>= 1.7)
      System.Text.Json (>= 4.7.2)
    Aardvark.Base.Essentials (5.1.9)
      Aardvark.Base (5.1.9)
      DevILSharp (>= 0.2.9 < 0.3)
      System.Collections.Immutable (>= 1.7)
    Aardvark.Base.FSharp (5.1.9)
      Aardvark.Base (5.1.9)
      Aardvark.Base.TypeProviders (>= 4.5.15 < 4.6)
      DevILSharp (>= 0.2.9 < 0.3)
      FSharp.Core (>= 4.7)
      FSharp.Data.Adaptive (>= 1.2 < 1.3)
      FsPickler (>= 5.3.2 < 5.4)
      System.Dynamic.Runtime (>= 4.3 < 4.4)
    Aardvark.Base.Incremental (5.1.9)
      Aardvark.Base (5.1.9)
      Aardvark.Base.FSharp (5.1.9)
      Aardvark.Base.TypeProviders (>= 4.5.15 < 4.6)
      DevILSharp (>= 0.2.9 < 0.3)
      FSharp.Core (>= 4.7)
      FSharp.Data.Adaptive (>= 1.2 < 1.3)
      FsPickler (>= 5.3.2 < 5.4)
    Aardvark.Base.Runtime (5.1.9)
      Aardvark.Base.FSharp (5.1.9)
      Aardvark.Base.Incremental (5.1.9)
      Aardvark.Base.TypeProviders (>= 4.5.15 < 4.6)
      DevILSharp (>= 0.2.9 < 0.3)
      FSharp.Core (>= 4.7)
      FSharp.Data.Adaptive (>= 1.2 < 1.3)
      FsPickler (>= 5.3.2 < 5.4)
    Aardvark.Base.Telemetry (5.1.9)
    Aardvark.Base.Tensors (5.1.9)
      Aardvark.Base (5.1.9)
      Aardvark.Base.FSharp (5.1.9)
      FSharp.Core (>= 4.7)
      SixLabors.ImageSharp (>= 1.0.2 < 1.1)
    Aardvark.Base.TypeProviders (4.5.15)
      FSharp.Core (>= 4.2.3)
    Aardvark.Geometry (5.1.9)
      Aardvark.Base (5.1.9)
      Aardvark.Base.FSharp (5.1.9)
      Aardvark.Base.Tensors (5.1.9)
      Aardvark.Base.TypeProviders (>= 4.5.15 < 4.6)
      DevILSharp (>= 0.2.9 < 0.3)
      FSharp.Core (>= 4.7)
      FSharp.Data.Adaptive (>= 1.2 < 1.3)
      FsPickler (>= 5.3.2 < 5.4)
      Unofficial.LibTessDotNet (>= 2.0.2 < 2.1)
    Aardvark.PixImage.DevIL (5.1.9)
      Aardvark.Base (5.1.9)
      Aardvark.Base.Tensors (5.1.9)
      DevILSharp
    Aardvark.Rendering (5.1.11)
      Aardvark.Base.Essentials (>= 5.1.9 < 5.2)
      Aardvark.Base.Incremental (>= 5.1.9 < 5.2)
      Aardvark.Base.Tensors (>= 5.1.9 < 5.2)
      FShade.Core (>= 5.1.8 < 5.2)
      FShade.GLSL (>= 5.1.8)
      FSharp.Core (>= 4.7)
    Aardvark.Rendering.GL (5.1.11)
      Aardvark.Base.Essentials (>= 5.1.9 < 5.2)
      Aardvark.Base.Incremental (>= 5.1.9 < 5.2)
      Aardvark.Base.Runtime (>= 5.1.9 < 5.2)
      Aardvark.Base.Tensors (>= 5.1.9 < 5.2)
      Aardvark.Geometry (>= 5.1.9 < 5.2)
      Aardvark.PixImage.DevIL (>= 5.1.9 < 5.2)
      Aardvark.Rendering (5.1.11)
      FShade (>= 5.1.8 < 5.2)
      FSharp.Core (>= 4.7)
      Unofficial.OpenTK (>= 3.0.19 < 3.1)
    Aardvark.SceneGraph (5.1.11)
      Aardvark.Base.Incremental (>= 5.1.9 < 5.2)
      Aardvark.Rendering (5.1.11)
      FShade.Core (>= 5.1.8 < 5.2)
      FShade.GLSL (>= 5.1.8)
      FSharp.Core (>= 4.7)
    Aardvark.SceneGraph.IO (5.1.11)
      Aardvark.Base.Incremental (>= 5.1.9 < 5.2)
      Aardvark.Base.Tensors (>= 5.1.9 < 5.2)
      Aardvark.Rendering (5.1.11)
      Aardvark.SceneGraph (5.1.11)
      FShade.Core (>= 5.1.8 < 5.2)
      FShade.GLSL (>= 5.1.8)
      FSharp.Core (>= 4.7)
      Unofficial.AssimpNet (>= 4.0.5 < 4.1)
    DevILSharp (0.2.11)
      FSharp.Core (>= 4.6.2)
    FShade (5.1.8)
      FShade.Core (5.1.8)
      FShade.GLSL (5.1.8)
      FShade.Imperative (5.1.8)
      FShade.SpirV (5.1.8)
    FShade.Core (5.1.8)
      Aardvark.Base (>= 5.1.9 < 5.2)
      Aardvark.Base.FSharp (>= 5.1.9 < 5.2)
      FShade.Imperative (5.1.8)
      FSharp.Core (>= 4.7)
    FShade.GLSL (5.1.8)
      Aardvark.Base (>= 5.1.9 < 5.2)
      Aardvark.Base.FSharp (>= 5.1.9 < 5.2)
      FShade.Core (5.1.8)
      FShade.Imperative (5.1.8)
      FSharp.Core (>= 4.7)
    FShade.Imperative (5.1.8)
      Aardvark.Base (>= 5.1.9 < 5.2)
      Aardvark.Base.FSharp (>= 5.1.9 < 5.2)
      FSharp.Core (>= 4.7)
      FsPickler (>= 5.3.2 < 5.4)
    FShade.SpirV (5.1.8)
      Aardvark.Base (>= 5.1.9 < 5.2)
      Aardvark.Base.FSharp (>= 5.1.9 < 5.2)
      FShade.Core (5.1.8)
      FShade.Imperative (5.1.8)
      FSharp.Core (>= 4.7)
    FSharp.Core (4.7)
    FSharp.Data.Adaptive (1.2.5)
      FSharp.Core (>= 4.7)
      System.Reflection.Emit.Lightweight (>= 4.6)
    FsPickler (5.3.2)
      FSharp.Core (>= 4.3.2)
      System.Reflection.Emit.Lightweight (>= 4.3)
    Microsoft.CSharp (4.7)
    Microsoft.DotNet.PlatformAbstractions (3.1.6)
    Microsoft.Extensions.DependencyModel (5.0)
      System.Text.Encodings.Web (>= 5.0)
      System.Text.Json (>= 5.0)
    Microsoft.NETCore.Platforms (5.0.2)
    Microsoft.NETCore.Targets (5.0)
    Silk.NET.Core (1.7)
      Microsoft.CSharp (>= 4.7)
      System.Memory (>= 4.5.3)
      System.Numerics.Vectors (>= 4.5)
      System.Reflection.Emit (>= 4.7)
      System.Reflection.Emit.ILGeneration (>= 4.7)
      System.Runtime.CompilerServices.Unsafe (>= 4.7)
      Ultz.SuperInvoke (>= 1.1)
    Silk.NET.GLFW (1.7)
      Silk.NET.Core (>= 1.7)
      Ultz.Native.GLFW (>= 3.3.2)
    SixLabors.ImageSharp (1.0.3)
    System.Collections (4.3)
      Microsoft.NETCore.Platforms (>= 1.1)
      Microsoft.NETCore.Targets (>= 1.1)
      System.Runtime (>= 4.3)
    System.Collections.Immutable (5.0)
    System.Diagnostics.Debug (4.3)
      Microsoft.NETCore.Platforms (>= 1.1)
      Microsoft.NETCore.Targets (>= 1.1)
      System.Runtime (>= 4.3)
    System.Dynamic.Runtime (4.3)
      System.Collections (>= 4.3)
      System.Diagnostics.Debug (>= 4.3)
      System.Linq (>= 4.3)
      System.Linq.Expressions (>= 4.3)
      System.ObjectModel (>= 4.3)
      System.Reflection (>= 4.3)
      System.Reflection.Emit (>= 4.3)
      System.Reflection.Emit.ILGeneration (>= 4.3)
      System.Reflection.Primitives (>= 4.3)
      System.Reflection.TypeExtensions (>= 4.3)
      System.Resources.ResourceManager (>= 4.3)
      System.Runtime (>= 4.3)
      System.Runtime.Extensions (>= 4.3)
      System.Threading (>= 4.3)
    System.Globalization (4.3)
      Microsoft.NETCore.Platforms (>= 1.1)
      Microsoft.NETCore.Targets (>= 1.1)
      System.Runtime (>= 4.3)
    System.IO (4.3)
      Microsoft.NETCore.Platforms (>= 1.1)
      Microsoft.NETCore.Targets (>= 1.1)
      System.Runtime (>= 4.3)
      System.Text.Encoding (>= 4.3)
      System.Threading.Tasks (>= 4.3)
    System.Linq (4.3)
      System.Collections (>= 4.3)
      System.Diagnostics.Debug (>= 4.3)
      System.Resources.ResourceManager (>= 4.3)
      System.Runtime (>= 4.3)
      System.Runtime.Extensions (>= 4.3)
    System.Linq.Expressions (4.3)
      System.Collections (>= 4.3)
      System.Diagnostics.Debug (>= 4.3)
      System.Globalization (>= 4.3)
      System.IO (>= 4.3)
      System.Linq (>= 4.3)
      System.ObjectModel (>= 4.3)
      System.Reflection (>= 4.3)
      System.Reflection.Emit (>= 4.3)
      System.Reflection.Emit.ILGeneration (>= 4.3)
      System.Reflection.Emit.Lightweight (>= 4.3)
      System.Reflection.Extensions (>= 4.3)
      System.Reflection.Primitives (>= 4.3)
      System.Reflection.TypeExtensions (>= 4.3)
      System.Resources.ResourceManager (>= 4.3)
      System.Runtime (>= 4.3)
      System.Runtime.Extensions (>= 4.3)
      System.Threading (>= 4.3)
    System.Memory (4.5.4)
    System.Numerics.Vectors (4.5)
    System.ObjectModel (4.3)
      System.Collections (>= 4.3)
      System.Diagnostics.Debug (>= 4.3)
      System.Resources.ResourceManager (>= 4.3)
      System.Runtime (>= 4.3)
      System.Threading (>= 4.3)
    System.Reflection (4.3)
      Microsoft.NETCore.Platforms (>= 1.1)
      Microsoft.NETCore.Targets (>= 1.1)
      System.IO (>= 4.3)
      System.Reflection.Primitives (>= 4.3)
      System.Runtime (>= 4.3)
    System.Reflection.Emit (4.7)
    System.Reflection.Emit.ILGeneration (4.7)
    System.Reflection.Emit.Lightweight (4.7)
    System.Reflection.Extensions (4.3)
      Microsoft.NETCore.Platforms (>= 1.1)
      Microsoft.NETCore.Targets (>= 1.1)
      System.Reflection (>= 4.3)
      System.Runtime (>= 4.3)
    System.Reflection.Primitives (4.3)
      Microsoft.NETCore.Platforms (>= 1.1)
      Microsoft.NETCore.Targets (>= 1.1)
      System.Runtime (>= 4.3)
    System.Reflection.TypeExtensions (4.7)
    System.Resources.ResourceManager (4.3)
      Microsoft.NETCore.Platforms (>= 1.1)
      Microsoft.NETCore.Targets (>= 1.1)
      System.Globalization (>= 4.3)
      System.Reflection (>= 4.3)
      System.Runtime (>= 4.3)
    System.Runtime (4.3.1)
      Microsoft.NETCore.Platforms (>= 1.1.1)
      Microsoft.NETCore.Targets (>= 1.1.3)
    System.Runtime.CompilerServices.Unsafe (5.0)
    System.Runtime.Extensions (4.3.1)
      Microsoft.NETCore.Platforms (>= 1.1.1)
      Microsoft.NETCore.Targets (>= 1.1.3)
      System.Runtime (>= 4.3.1)
    System.Text.Encoding (4.3)
      Microsoft.NETCore.Platforms (>= 1.1)
      Microsoft.NETCore.Targets (>= 1.1)
      System.Runtime (>= 4.3)
    System.Text.Encodings.Web (5.0.1)
    System.Text.Json (5.0.2)
      System.Runtime.CompilerServices.Unsafe (>= 5.0)
      System.Text.Encodings.Web (>= 5.0.1)
    System.Threading (4.3)
      System.Runtime (>= 4.3)
      System.Threading.Tasks (>= 4.3)
    System.Threading.Tasks (4.3)
      Microsoft.NETCore.Platforms (>= 1.1)
      Microsoft.NETCore.Targets (>= 1.1)
      System.Runtime (>= 4.3)
    Ultz.Native.GLFW (3.3.2.1)
    Ultz.SuperInvoke (1.1)
      System.Memory (>= 4.5.3)
      System.Reflection.Emit (>= 4.7)
      Ultz.SuperInvoke.Loader (>= 1.1)
    Ultz.SuperInvoke.Loader (1.1)
      Microsoft.DotNet.PlatformAbstractions (>= 3.1.1)
      Microsoft.Extensions.DependencyModel (>= 3.1.1)
    Unofficial.AssimpNet (4.0.9)
    Unofficial.LibTessDotNet (2.0.2)
    Unofficial.OpenTK (3.0.20)
